GEM
  remote: https://rubygems.org/
  specs:
    coderay (1.0.8)
    fnv (0.2.0)
    method_source (0.8.1)
    pry (0.9.11.4)
      coderay (~> 1.0.5)
      method_source (~> 0.8)
      slop (~> 3.4)
    slop (3.4.3)

PLATFORMS
  ruby

DEPENDENCIES
  fnv
  pry
